GEM
  remote: http://rubygems.org/
  specs:
    faker (1.7.3)
      i18n (~> 0.5)
    i18n (0.8.0)
    pg (0.19.0)

PLATFORMS
  ruby

DEPENDENCIES
  faker
  pg

BUNDLED WITH
   1.11.2
